GEM
  remote: http://rubygems.org/
  specs:
    builder (3.0.0)
    cucumber (1.0.2)
      builder (>= 2.1.2)
      diff-lcs (>= 1.1.2)
      gherkin (~> 2.4.5)
      json (>= 1.4.6)
      term-ansicolor (>= 1.0.5)
    diff-lcs (1.1.2)
    ffi (1.0.9-java)
    gherkin (2.4.6-java)
      json (>= 1.4.6)
    json (1.5.3-java)
    term-ansicolor (1.0.6)

PLATFORMS
  java

DEPENDENCIES
  cucumber
  ffi
